GIT
  remote: https://github.com/CocoaPods/Core
  revision: aadb95596ec804cd44f5ff62d16000a3f4f31188
  branch: testspec
  specs:
    cocoapods-core (0.36.3)
      activesupport (>= 3.2.15)
      fuzzy_match (~> 2.0.4)
      nap (~> 0.8.0)

GIT
  remote: https://github.com/CocoaPods/Xcodeproj
  revision: f2e6ae4517174c2dbf95ceae11f5b09fc03abe33
  branch: master
  specs:
    xcodeproj (0.26.3)
      activesupport (>= 3)
      claide (~> 0.9.1)
      colored (~> 1.2)

GEM
  remote: https://rubygems.org/
  specs:
    activesupport (3.2.22)
      i18n (~> 0.6, >= 0.6.4)
      multi_json (~> 1.0)
    addressable (2.3.8)
    claide (0.9.1)
    cocoapods (0.15.1)
      activesupport (~> 3.2.6)
      colored (~> 1.2)
      escape (~> 0.0.4)
      faraday (~> 0.8.1)
      json (~> 1.7.3)
      octokit (~> 1.7)
      open4 (~> 1.3.0)
      rake (~> 0.9.0)
      xcodeproj (>= 0.3.4)
    colored (1.2)
    escape (0.0.4)
    faraday (0.8.9)
      multipart-post (~> 1.2.0)
    faraday_middleware (0.10.0)
      faraday (>= 0.7.4, < 0.10)
    fuzzy_match (2.0.4)
    hashie (2.1.2)
    i18n (0.7.0)
    json (1.7.7)
    multi_json (1.11.2)
    multipart-post (1.2.0)
    nap (0.8.0)
    netrc (0.7.9)
    octokit (1.25.0)
      addressable (~> 2.2)
      faraday (~> 0.8)
      faraday_middleware (~> 0.9)
      hashie (~> 2.0)
      multi_json (~> 1.3)
      netrc (~> 0.7.7)
    open4 (1.3.4)
    rake (0.9.6)

PLATFORMS
  ruby

DEPENDENCIES
  cocoapods
  cocoapods-core!
  xcodeproj!

BUNDLED WITH
   1.10.6
